GEM
  remote: https://rubygems.org/
  specs:
    ast (2.4.0)
    bigdecimal (1.3.4)
    coderay (1.1.2)
    io-console (0.4.6)
    json (2.1.0)
    method_source (0.9.0)
    minitest (5.11.3)
    parallel (1.12.1)
    parser (2.5.0.2)
      ast (~> 2.4.0)
    power_assert (1.1.1)
    powerpack (0.1.1)
    pry (0.11.3)
      coderay (~> 1.1.0)
      method_source (~> 0.9.0)
    pry-doc (0.13.1)
      pry (~> 0.11)
      yard (~> 0.9.11)
    psych (3.0.2-x64-mingw32)
    rainbow (3.0.0)
    rake (12.3.0)
    rdoc (6.0.1)
    rubocop (0.52.1)
      parallel (~> 1.10)
      parser (>= 2.4.0.2, < 3.0)
      powerpack (~> 0.1)
      rainbow (>= 2.2.2, < 4.0)
      ruby-progressbar (~> 1.7)
      unicode-display_width (~> 1.0, >= 1.0.1)
    ruby-progressbar (1.9.0)
    rubygems-update (2.7.6)
    sqlite3 (1.3.13-x64-mingw32)
    test-unit (3.2.7)
      power_assert
    unicode-display_width (1.3.0)
    yard (0.9.12)

PLATFORMS
  x64-mingw32

DEPENDENCIES
  bigdecimal
  bundler
  io-console
  json
  minitest
  pry
  pry-doc
  psych
  rake
  rdoc
  rubocop
  rubygems-update
  sqlite3
  test-unit
  yard

BUNDLED WITH
   1.16.1
