GEM
  remote: https://rubygems.org/
  specs:
    ast (2.4.2)
    bigdecimal (3.0.0)
    coderay (1.1.3)
    io-console (0.5.9)
    json (2.5.1)
    method_source (1.0.0)
    minitest (5.14.4)
    parallel (1.20.1)
    parser (3.0.1.0)
      ast (~> 2.4.1)
    power_assert (2.0.0)
    pry (0.14.0)
      coderay (~> 1.1)
      method_source (~> 1.0)
    pry-doc (1.1.0)
      pry (~> 0.11)
      yard (~> 0.9.11)
    psych (3.3.1)
    rainbow (3.0.0)
    rake (13.0.3)
    rdoc (6.3.0)
    regexp_parser (2.1.1)
    rexml (3.2.5)
    rubocop (1.12.1)
      parallel (~> 1.10)
      parser (>= 3.0.0.0)
      rainbow (>= 2.2.2, < 4.0)
      regexp_parser (>= 1.8, < 3.0)
      rexml
      rubocop-ast (>= 1.2.0, < 2.0)
      ruby-progressbar (~> 1.7)
      unicode-display_width (>= 1.4.0, < 3.0)
    rubocop-ast (1.4.1)
      parser (>= 2.7.1.5)
    ruby-progressbar (1.11.0)
    rubygems-update (3.2.16)
    sqlite3 (1.4.2)
    test-unit (3.4.0)
      power_assert
    unicode-display_width (2.0.0)
    yard (0.9.26)

PLATFORMS
  x64-mingw32

DEPENDENCIES
  bigdecimal
  bundler
  io-console
  json
  minitest
  pry
  pry-doc
  psych
  rake
  rdoc
  rubocop
  rubygems-update
  sqlite3
  test-unit
  yard

BUNDLED WITH
   2.2.3
