GEM
  remote: https://rubygems.org/
  specs:
    ast (2.4.0)
    bigdecimal (1.3.5)
    coderay (1.1.2)
    io-console (0.4.6)
    jaro_winkler (1.5.1)
    json (2.1.0)
    method_source (0.9.2)
    minitest (5.11.3)
    parallel (1.12.1)
    parser (2.5.3.0)
      ast (~> 2.4.0)
    power_assert (1.1.3)
    powerpack (0.1.2)
    pry (0.12.2)
      coderay (~> 1.1.0)
      method_source (~> 0.9.0)
    pry-doc (0.13.5)
      pry (~> 0.11)
      yard (~> 0.9.11)
    psych (2.2.4)
    rainbow (3.0.0)
    rake (12.3.2)
    rdoc (6.0.4)
    rubocop (0.61.1)
      jaro_winkler (~> 1.5.1)
      parallel (~> 1.10)
      parser (>= 2.5, != 2.5.1.1)
      powerpack (~> 0.1)
      rainbow (>= 2.2.2, < 4.0)
      ruby-progressbar (~> 1.7)
      unicode-display_width (~> 1.4.0)
    ruby-progressbar (1.10.0)
    rubygems-update (2.7.9)
    sqlite3 (1.3.13)
    sqlite3 (1.3.13-x64-mingw32)
    test-unit (3.2.9)
      power_assert
    unicode-display_width (1.4.0)
    yard (0.9.16)

PLATFORMS
  ruby
  x64-mingw32

DEPENDENCIES
  bigdecimal
  bundler
  io-console
  json
  minitest
  pry
  pry-doc
  psych
  rake
  rdoc
  rubocop
  rubygems-update
  sqlite3
  test-unit
  yard

BUNDLED WITH
   1.17.2
