GEM
  remote: https://rubygems.org/
  specs:
    ast (2.3.0)
    bigdecimal (1.3.2)
    coderay (1.1.1)
    io-console (0.4.6)
    json (2.1.0)
    method_source (0.8.2)
    minitest (5.10.2)
    parallel (1.11.2)
    parser (2.4.0.0)
      ast (~> 2.2)
    power_assert (1.0.2)
    powerpack (0.1.1)
    pry (0.10.4)
      coderay (~> 1.1.0)
      method_source (~> 0.8.1)
      slop (~> 3.4)
    pry-doc (0.10.0)
      pry (~> 0.9)
      yard (~> 0.9)
    psych (2.2.4)
    rainbow (2.2.2)
      rake
    rake (12.0.0)
    rdoc (5.1.0)
    rubocop (0.49.1)
      parallel (~> 1.10)
      parser (>= 2.3.3.1, < 3.0)
      powerpack (~> 0.1)
      rainbow (>= 1.99.1, < 3.0)
      ruby-progressbar (~> 1.7)
      unicode-display_width (~> 1.0, >= 1.0.1)
    ruby-progressbar (1.8.1)
    rubygems-update (2.6.12)
    slop (3.6.0)
    sqlite3 (1.3.13-x64-mingw32)
    test-unit (3.2.5)
      power_assert
    unicode-display_width (1.3.0)
    yard (0.9.9)

PLATFORMS
  x64-mingw32

DEPENDENCIES
  bigdecimal
  bundler
  io-console
  json
  minitest
  pry
  pry-doc
  psych
  rake
  rdoc
  rubocop
  rubygems-update
  sqlite3
  test-unit
  yard

BUNDLED WITH
   1.15.1
