GEM
  remote: https://rubygems.org/
  specs:
    ast (2.0.0)
    astrolabe (1.3.0)
      parser (>= 2.2.0.pre.3, < 3.0)
    bigdecimal (1.2.7)
    coderay (1.1.0)
    io-console (0.4.2)
    json (1.8.2)
    method_source (0.8.2)
    minitest (5.5.1)
    parser (2.2.0.2)
      ast (>= 1.1, < 3.0)
    power_assert (0.2.2)
    powerpack (0.1.0)
    pry (0.10.1-x64-mingw32)
      coderay (~> 1.1.0)
      method_source (~> 0.8.1)
      slop (~> 3.4)
      win32console (~> 1.3)
    pry-doc (0.6.0)
      pry (~> 0.9)
      yard (~> 0.8)
    psych (2.0.12)
    rainbow (2.0.0)
    rake (10.4.2)
    rdoc (4.2.0)
      json (~> 1.4)
    rubocop (0.29.0)
      astrolabe (~> 1.3)
      parser (>= 2.2.0.1, < 3.0)
      powerpack (~> 0.1)
      rainbow (>= 1.99.1, < 3.0)
      ruby-progressbar (~> 1.4)
    ruby-progressbar (1.7.1)
    rubygems-update (2.4.5)
    slop (3.6.0)
    sqlite3 (1.3.10-x64-mingw32)
    test-unit (3.0.9)
      power_assert
    win32console (1.3.2)
    yard (0.8.7.6)

PLATFORMS
  x64-mingw32

DEPENDENCIES
  bigdecimal
  bundler
  io-console
  json
  minitest
  pry
  pry-doc
  psych
  rake
  rdoc
  rubocop
  rubygems-update
  sqlite3
  test-unit
  yard
